GEM
  remote: https://rubygems.org/
  specs:
    haml (4.0.5)
      tilt
    posix-spawn (0.3.8)
    pygments.rb (0.5.4)
      posix-spawn (~> 0.3.6)
      yajl-ruby (~> 1.1.0)
    redcarpet (3.1.1)
    sass (3.3.4)
    tilt (2.0.1)
    tomparse (0.4.2)
    yajl-ruby (1.1.0)

PLATFORMS
  ruby

DEPENDENCIES
  haml
  pygments.rb
  redcarpet
  sass
  tomparse
